GEM
  remote: https://rubygems.org/
  specs:
    aws-sdk (2.6.43)
      aws-sdk-resources (= 2.6.43)
    aws-sdk-core (2.6.43)
      aws-sigv4 (~> 1.0)
      jmespath (~> 1.0)
    aws-sdk-resources (2.6.43)
      aws-sdk-core (= 2.6.43)
    aws-sigv4 (1.0.0)
    chronic (0.10.2)
    jmespath (1.2.4)
      json_pure (>= 1.8.1)
    json_pure (2.0.2)
    rake (12.0.0)
    whenever (0.9.7)
      chronic (>= 0.6.3)

PLATFORMS
  ruby

DEPENDENCIES
  aws-sdk (= 2.6.43)
  jmespath (= 1.2.4)
  rake (= 12.0.0)
  whenever (= 0.9.7)

BUNDLED WITH
   1.13.3
